GEM
  remote: https://rubygems.org/
  specs:
    addressable (2.5.2)
      public_suffix (>= 2.0.2, < 4.0)
    backports (3.10.0)
    byebug (9.1.0)
    coderay (1.1.1)
    concurrent-ruby (1.0.5)
    connection_pool (2.2.1)
    domain_name (0.5.20170404)
      unf (>= 0.0.5, < 1.0.0)
    dotenv (2.2.1)
    faraday (0.13.1)
      multipart-post (>= 1.2, < 3)
    http-cookie (1.0.3)
      domain_name (~> 0.5)
    kgio (2.11.0)
    method_source (0.8.2)
    mime-types (3.1)
      mime-types-data (~> 3.2015)
    mime-types-data (3.2016.0521)
    mina (0.3.8)
      open4 (~> 1.3.4)
      rake
    mina-sidekiq (0.4.1)
      mina
    mina-unicorn (0.5.0)
      mina (~> 0.3, < 1.0)
    multi_json (1.12.2)
    multipart-post (2.0.0)
    mustermann (1.0.1)
    netrc (0.11.0)
    octokit (4.7.0)
      sawyer (~> 0.8.0, >= 0.5.3)
    open4 (1.3.4)
    pry (0.10.3)
      coderay (~> 1.1.0)
      method_source (~> 0.8.1)
      slop (~> 3.4)
    pry-byebug (3.5.0)
      byebug (~> 9.1)
      pry (~> 0.10)
    public_suffix (3.0.0)
    rack (2.0.3)
    rack-protection (2.0.0)
      rack
    raindrops (0.19.0)
    rake (12.1.0)
    redis (4.0.1)
    rest-client (2.0.2)
      http-cookie (>= 1.0.2, < 2.0)
      mime-types (>= 1.16, < 4.0)
      netrc (~> 0.8)
    sawyer (0.8.1)
      addressable (>= 2.3.5, < 2.6)
      faraday (~> 0.8, < 1.0)
    sidekiq (5.0.5)
      concurrent-ruby (~> 1.0)
      connection_pool (~> 2.2, >= 2.2.0)
      rack-protection (>= 1.5.0)
      redis (>= 3.3.4, < 5)
    sinatra (2.0.0)
      mustermann (~> 1.0)
      rack (~> 2.0)
      rack-protection (= 2.0.0)
      tilt (~> 2.0)
    sinatra-contrib (2.0.0)
      backports (>= 2.0)
      multi_json
      mustermann (~> 1.0)
      rack-protection (= 2.0.0)
      sinatra (= 2.0.0)
      tilt (>= 1.3, < 3)
    slop (3.6.0)
    tilt (2.0.8)
    unf (0.1.4)
      unf_ext
    unf_ext (0.0.7.4)
    unicorn (5.3.1)
      kgio (~> 2.6)
      raindrops (~> 0.7)

PLATFORMS
  ruby

DEPENDENCIES
  dotenv (~> 2.2.1)
  mina (~> 0.3.8)
  mina-sidekiq (~> 0.4.1)
  mina-unicorn (~> 0.5.0)
  octokit (= 4.7.0)
  pry-byebug
  rest-client (= 2.0.2)
  sidekiq (= 5.0.5)
  sinatra (= 2.0.0)
  sinatra-contrib (= 2.0.0)
  unicorn (= 5.3.1)

BUNDLED WITH
   1.15.4
