GIT
  remote: https://github.com/openjournals/whedon.git
  revision: c5c16aedb3d6b4377181e859316ed70f1ac0a0b7
  ref: c5c16aedb3d6b4377181e859316ed70f1ac0a0b7
  specs:
    whedon (0.1.0)
      bibtex-ruby
      dotenv
      github-linguist (~> 5.3)
      latex-decode
      metamatter (~> 0.2.0)
      octokit (~> 4.0)
      openjournals-nameable
      redcarpet (~> 3.3)
      rest-client (>= 1.8)
      thor (~> 0.19)
      tilt
      unicode (~> 0.4.4)

GEM
  remote: https://rubygems.org/
  specs:
    addressable (2.8.1)
      public_suffix (>= 2.0.2, < 6.0)
    algorithmia (0.2.0)
      httparty (~> 0.13.1)
      json (~> 1.8)
      rake (~> 10.4)
    aws_cf_signer (0.1.3)
    backports (2.8.2)
    bibtex-ruby (6.0.0)
      latex-decode (~> 0.0)
    buftok (0.2.0)
    byebug (11.0.1)
    charlock_holmes (0.7.6)
    chronic (0.10.2)
    cloudinary (1.12.0)
      aws_cf_signer
      rest-client
    coderay (1.1.2)
    concurrent-ruby (1.1.5)
    connection_pool (2.2.2)
    crack (0.4.3)
      safe_yaml (~> 1.0.0)
    diff-lcs (1.3)
    domain_name (0.5.20190701)
      unf (>= 0.0.5, < 1.0.0)
    dotenv (2.7.5)
    equalizer (0.0.11)
    escape_utils (1.1.1)
    faraday (0.15.4)
      multipart-post (>= 1.2, < 3)
    faraday_middleware (0.13.1)
      faraday (>= 0.7.4, < 1.0)
    github-linguist (5.3.3)
      charlock_holmes (~> 0.7.5)
      escape_utils (~> 1.1.0)
      mime-types (>= 1.19)
      rugged (>= 0.25.1)
    hashdiff (1.0.0)
    http (3.3.0)
      addressable (~> 2.3)
      http-cookie (~> 1.0)
      http-form_data (~> 2.0)
      http_parser.rb (~> 0.6.0)
    http-accept (1.7.0)
    http-cookie (1.0.3)
      domain_name (~> 0.5)
    http-form_data (2.1.1)
    http_parser.rb (0.6.0)
    httparty (0.13.7)
      json (~> 1.8)
      multi_xml (>= 0.5.2)
    json (1.8.6)
    kgio (2.11.2)
    latex-decode (0.3.2)
    licensee (9.11.0)
      dotenv (~> 2.0)
      octokit (~> 4.8.0)
      rugged (~> 0.24)
      thor (~> 0.19)
    memoizable (0.4.2)
      thread_safe (~> 0.3, >= 0.3.1)
    metamatter (0.2.0)
      algorithmia (~> 0.2.0)
      httparty (~> 0.13)
      octokit (~> 4.0)
      thor (~> 0.19)
    method_source (0.9.2)
    mime-types (3.3)
      mime-types-data (~> 3.2015)
    mime-types-data (3.2019.1009)
    mini_portile2 (2.5.1)
    multi_json (1.13.1)
    multi_xml (0.6.0)
    multipart-post (2.1.1)
    mustermann (1.0.3)
    naught (1.1.0)
    netrc (0.11.0)
    nokogiri (1.11.4)
      mini_portile2 (~> 2.5.0)
      racc (~> 1.4)
    octokit (4.8.0)
      sawyer (~> 0.8.0, >= 0.5.3)
    openjournals-nameable (1.1.6)
    pry (0.12.2)
      coderay (~> 1.1.0)
      method_source (~> 0.9.0)
    pry-byebug (3.7.0)
      byebug (~> 11.0)
      pry (~> 0.10)
    public_suffix (5.0.0)
    racc (1.5.2)
    rack (2.1.4)
    rack-protection (2.0.2)
      rack
    rack-test (1.1.0)
      rack (>= 1.0, < 3)
    raindrops (0.19.0)
    rake (10.5.0)
    redcarpet (3.5.1)
    redis (3.3.5)
    rest-client (2.1.0)
      http-accept (>= 1.7.0, < 2.0)
      http-cookie (>= 1.0.2, < 2.0)
      mime-types (>= 1.16, < 4.0)
      netrc (~> 0.8)
    rspec (3.9.0)
      rspec-core (~> 3.9.0)
      rspec-expectations (~> 3.9.0)
      rspec-mocks (~> 3.9.0)
    rspec-core (3.9.0)
      rspec-support (~> 3.9.0)
    rspec-expectations (3.9.0)
      diff-lcs (>= 1.2.0, < 2.0)
      rspec-support (~> 3.9.0)
    rspec-mocks (3.9.0)
      diff-lcs (>= 1.2.0, < 2.0)
      rspec-support (~> 3.9.0)
    rspec-support (3.9.0)
    rugged (0.28.3.1)
    safe_yaml (1.0.5)
    sawyer (0.8.2)
      addressable (>= 2.3.5)
      faraday (> 0.8, < 2.0)
    serrano (0.5.2)
      faraday (~> 0.15.0)
      faraday_middleware (>= 0.12.2, < 0.14.0)
      multi_json (~> 1.13, >= 1.13.1)
      thor (~> 0.20.0)
    sidekiq (4.2.10)
      concurrent-ruby (~> 1.0)
      connection_pool (~> 2.2, >= 2.2.0)
      rack-protection (>= 1.5.0)
      redis (~> 3.2, >= 3.2.1)
    sidekiq_status (1.2.0)
      sidekiq (>= 3.3, < 5)
    simple_oauth (0.3.1)
    sinatra (2.0.2)
      mustermann (~> 1.0)
      rack (~> 2.0)
      rack-protection (= 2.0.2)
      tilt (~> 2.0)
    sinatra-contrib (2.0.2)
      backports (~> 2.8.2)
      multi_json
      mustermann (~> 1.0)
      rack-protection (= 2.0.2)
      sinatra (= 2.0.2)
      tilt (>= 1.3, < 3)
    thor (0.20.3)
    thread_safe (0.3.6)
    tilt (2.0.10)
    twitter (6.2.0)
      addressable (~> 2.3)
      buftok (~> 0.2.0)
      equalizer (~> 0.0.11)
      http (~> 3.0)
      http-form_data (~> 2.0)
      http_parser.rb (~> 0.6.0)
      memoizable (~> 0.4.0)
      multipart-post (~> 2.0)
      naught (~> 1.0)
      simple_oauth (~> 0.3.0)
    unf (0.1.4)
      unf_ext
    unf_ext (0.0.7.6)
    unicode (0.4.4.4)
    unicorn (5.3.1)
      kgio (~> 2.6)
      raindrops (~> 0.7)
    webmock (3.7.6)
      addressable (>= 2.3.6)
      crack (>= 0.3.2)
      hashdiff (>= 0.4.0, < 2.0.0)

PLATFORMS
  ruby

DEPENDENCIES
  chronic (~> 0.10.2)
  cloudinary
  github-linguist (~> 5.3)
  licensee (~> 9.9)
  nokogiri (= 1.11.4)
  octokit (~> 4.8)
  pry-byebug
  rack (>= 2.0.6)
  rack-test
  rest-client (~> 2.0)
  rspec
  serrano
  sidekiq
  sidekiq_status
  sinatra (= 2.0.2)
  sinatra-contrib (= 2.0.2)
  twitter
  unicorn (= 5.3.1)
  webmock
  whedon!

BUNDLED WITH
   2.1.4
